GEM
  remote: http://rubygems.org/
  specs:
    bunny (0.7.9)
    coderay (1.0.6)
    diff-lcs (1.1.3)
    hiredis (0.3.2)
    method_source (0.7.1)
    pry (0.9.9.6)
      coderay (~> 1.0.5)
      method_source (~> 0.7.1)
      slop (>= 2.4.4, < 3)
    rake (0.9.2.2)
    redis (2.2.2)
    rspec (2.10.0)
      rspec-core (~> 2.10.0)
      rspec-expectations (~> 2.10.0)
      rspec-mocks (~> 2.10.0)
    rspec-core (2.10.1)
    rspec-expectations (2.10.0)
      diff-lcs (~> 1.1.3)
    rspec-mocks (2.10.1)
    slop (2.4.4)
    yajl-ruby (1.1.0)

PLATFORMS
  ruby

DEPENDENCIES
  bunny
  hiredis (~> 0.3.1)
  pry
  rake
  redis (~> 2.2.0)
  rspec
  yajl-ruby
